PATH
  remote: .
  specs:
    renamer (0.1.0)

GEM
  remote: https://rubygems.org/
  specs:
    diff-lcs (1.4.4)
    rspec (3.10.0)
      rspec-core (~> 3.10.0)
      rspec-expectations (~> 3.10.0)
      rspec-mocks (~> 3.10.0)
    rspec-core (3.10.0)
      rspec-support (~> 3.10.0)
    rspec-expectations (3.10.0)
      diff-lcs (>= 1.2.0, < 2.0)
      rspec-support (~> 3.10.0)
    rspec-mocks (3.10.0)
      diff-lcs (>= 1.2.0, < 2.0)
      rspec-support (~> 3.10.0)
    rspec-support (3.10.0)
    thor (1.0.1)
    yard (0.9.25)

PLATFORMS
  ruby

DEPENDENCIES
  bundler (>= 1.0, < 3)
  renamer!
  rspec (~> 3.10)
  thor (~> 1.0.1)
  yard (~> 0.9)

BUNDLED WITH
   2.1.4
