GEM
  remote: https://rubygems.org/
  specs:
    minitest (5.14.2)
    ruby-progressbar (1.10.1)
    thor (0.20.3)
    yard (0.9.25)

PLATFORMS
  ruby

DEPENDENCIES
  minitest
  ruby-progressbar
  thor (~> 0.20.3)
  yard

BUNDLED WITH
   2.1.4
